PATH
  remote: .
  specs:
    gem_araki (0.1.0)

GEM
  remote: https://rubygems.org/
  specs:
    rake (13.0.6)

PLATFORMS
  x86_64-darwin-20

DEPENDENCIES
  gem_araki!
  rake (~> 13.0)

BUNDLED WITH
   2.3.14
